GEM
  remote: http://rubygems.org/
  specs:
    pdfkit (0.5.0)
    rack (1.2.2)
    shotgun (0.9)
      rack (>= 1.0)
    sinatra (1.2.1)
      rack (~> 1.1)
      tilt (< 2.0, >= 1.2.2)
    tilt (1.2.2)
    wkhtmltopdf (0.1.2)

PLATFORMS
  ruby

DEPENDENCIES
  pdfkit
  shotgun
  sinatra
  wkhtmltopdf
